GIT
  remote: git://github.com/mongoid/mongoid.git
  revision: dba1c17b1dba667e50347ab616aaf6f2e1bee094
  specs:
    mongoid (4.0.0.beta1)
      activemodel (>= 4.0.0)
      moped (~> 2.0.beta6)
      origin (~> 2.1)
      tzinfo (>= 0.3.37)

PATH
  remote: .
  specs:
    gitkeeper (0.0.7)
      omniauth (~> 1.2.1)
      omniauth-github (~> 1.1.1)
      omniauth-oauth2 (~> 1.1.2)
      rails (~> 4.1.0.rc2)

GEM
  remote: https://rubygems.org/
  specs:
    actionmailer (4.1.0.rc2)
      actionpack (= 4.1.0.rc2)
      actionview (= 4.1.0.rc2)
      mail (~> 2.5.4)
    actionpack (4.1.0.rc2)
      actionview (= 4.1.0.rc2)
      activesupport (= 4.1.0.rc2)
      rack (~> 1.5.2)
      rack-test (~> 0.6.2)
    actionview (4.1.0.rc2)
      activesupport (= 4.1.0.rc2)
      builder (~> 3.1)
      erubis (~> 2.7.0)
    activemodel (4.1.0.rc2)
      activesupport (= 4.1.0.rc2)
      builder (~> 3.1)
    activerecord (4.1.0.rc2)
      activemodel (= 4.1.0.rc2)
      activesupport (= 4.1.0.rc2)
      arel (~> 5.0.0)
    activesupport (4.1.0.rc2)
      i18n (~> 0.6, >= 0.6.9)
      json (~> 1.7, >= 1.7.7)
      minitest (~> 5.1)
      thread_safe (~> 0.1)
      tzinfo (~> 1.1)
    arel (5.0.0)
    atomic (1.1.16)
    bson (2.2.1)
    builder (3.2.2)
    connection_pool (1.2.0)
    erubis (2.7.0)
    faraday (0.9.0)
      multipart-post (>= 1.2, < 3)
    hashie (2.0.5)
    hike (1.2.3)
    i18n (0.6.9)
    json (1.8.1)
    jwt (0.1.11)
      multi_json (>= 1.5)
    mail (2.5.4)
      mime-types (~> 1.16)
      treetop (~> 1.4.8)
    mime-types (1.25.1)
    minitest (5.3.1)
    moped (2.0.0.beta6)
      bson (~> 2.2)
      connection_pool (~> 1.2)
      optionable (~> 0.2.0)
    multi_json (1.9.2)
    multi_xml (0.5.5)
    multipart-post (2.0.0)
    oauth2 (0.9.3)
      faraday (>= 0.8, < 0.10)
      jwt (~> 0.1.8)
      multi_json (~> 1.3)
      multi_xml (~> 0.5)
      rack (~> 1.2)
    omniauth (1.2.1)
      hashie (>= 1.2, < 3)
      rack (~> 1.0)
    omniauth-github (1.1.1)
      omniauth (~> 1.0)
      omniauth-oauth2 (~> 1.1)
    omniauth-oauth2 (1.1.2)
      faraday (>= 0.8, < 0.10)
      multi_json (~> 1.3)
      oauth2 (~> 0.9.3)
      omniauth (~> 1.2)
    optionable (0.2.0)
    origin (2.1.0)
    polyglot (0.3.4)
    rack (1.5.2)
    rack-test (0.6.2)
      rack (>= 1.0)
    rails (4.1.0.rc2)
      actionmailer (= 4.1.0.rc2)
      actionpack (= 4.1.0.rc2)
      actionview (= 4.1.0.rc2)
      activemodel (= 4.1.0.rc2)
      activerecord (= 4.1.0.rc2)
      activesupport (= 4.1.0.rc2)
      bundler (>= 1.3.0, < 2.0)
      railties (= 4.1.0.rc2)
      sprockets-rails (~> 2.0.0)
    railties (4.1.0.rc2)
      actionpack (= 4.1.0.rc2)
      activesupport (= 4.1.0.rc2)
      rake (>= 0.8.7)
      thor (>= 0.18.1, < 2.0)
    rake (10.2.2)
    sprockets (2.12.0)
      hike (~> 1.2)
      multi_json (~> 1.0)
      rack (~> 1.0)
      tilt (~> 1.1, != 1.3.0)
    sprockets-rails (2.0.1)
      actionpack (>= 3.0)
      activesupport (>= 3.0)
      sprockets (~> 2.8)
    thor (0.19.1)
    thread_safe (0.3.1)
      atomic (>= 1.1.7, < 2)
    tilt (1.4.1)
    treetop (1.4.15)
      polyglot
      polyglot (>= 0.3.1)
    tzinfo (1.1.0)
      thread_safe (~> 0.1)

PLATFORMS
  ruby

DEPENDENCIES
  gitkeeper!
  mongoid!
